GEM
  remote: https://rubygems.org/
  specs:
    indexable (0.1.2)
      rack
    rack (1.5.2)

PLATFORMS
  ruby

DEPENDENCIES
  indexable
  rack
